PATH
  remote: .
  specs:
    later_dude (0.3.1)
      actionview (>= 2.3)
      activesupport (>= 2.3)

GEM
  remote: https://rubygems.org/
  specs:
    actionview (4.1.0)
      activesupport (= 4.1.0)
      builder (~> 3.1)
      erubis (~> 2.7.0)
    activesupport (4.1.0)
      i18n (~> 0.6, >= 0.6.9)
      json (~> 1.7, >= 1.7.7)
      minitest (~> 5.1)
      thread_safe (~> 0.1)
      tzinfo (~> 1.1)
    builder (3.2.2)
    erubis (2.7.0)
    i18n (0.6.9)
    json (1.8.1)
    metaclass (0.0.4)
    minitest (5.3.3)
    mocha (1.0.0)
      metaclass (~> 0.0.1)
    nokogiri (1.5.5)
    rake (0.9.2.2)
    thread_safe (0.3.3)
    tzinfo (1.1.0)
      thread_safe (~> 0.1)

PLATFORMS
  ruby

DEPENDENCIES
  later_dude!
  minitest
  mocha
  nokogiri
  rake
